{
	"TaskName": "cvep",
	"Manufacturer": "Biosemi",
	"PowerLineFrequency": 50.0,
	"SamplingFrequency": 256.0,
	"SoftwareFilters": "n/a",
	"RecordingDuration": 39.99609375,
	"RecordingType": "continuous",
	"EEGReference": "n/a",
	"EEGGround": "n/a",
	"EEGPlacementScheme": "10-05 system",
	"EEGChannelCount": 16,
	"EOGChannelCount": 0,
	"ECGChannelCount": 0,
	"EMGChannelCount": 0,
	"TriggerChannelCount": 0,
	"SoftwareVersions": "n/a",
	"HardwareFilters": "n/a",
	"Instructions": "n/a",
	"InstitutionName": "University of Valladolid",
	"InstitutionAddress": "Paseo de Bel\u00e9n, 15, 47011, Valladolid, Spain",
	"InstitutionalDepartmentName": "Biomedical Engineering Group, ETSIT",
	"CapManufacturer": "n/a",
	"CapManufacturersModelName": "n/a",
	"ManufacturersModelName": "n/a",
	"SubjectArtefactDescription": "n/a",
	"DeviceSerialNumber": "n/a",
	"Description": "EEG recording.",
	"MISCChannelCount": 0
}